GEM
  remote: https://rubygems.org/
  specs:
    barby (0.6.8)
    pdf-core (0.9.0)
    prawn (2.4.0)
      pdf-core (~> 0.9.0)
      ttfunk (~> 1.7)
    ttfunk (1.7.0)

PLATFORMS
  x64-mingw32

DEPENDENCIES
  barby (~> 0.6.8)
  prawn (~> 2.4)

BUNDLED WITH
   2.1.4
